GIT
  remote: git://github.com/Paxa/chronic_duration.git
  revision: 8c0d0e101bdbaf2b2299f33e7bfa880b0885a017
  ref: 8c0d0e101b
  specs:
    chronic_duration (0.9.6)
      numerizer (~> 0.1.1)

GIT
  remote: git://github.com/Paxa/jsus.git
  revision: 7c801d43710f2de2b38129fcdc8f9e2a9a2ae609
  ref: 7c801d4371
  specs:
    jsus (0.3.6)
      activesupport
      json_pure
      rgl

GIT
  remote: git://github.com/Paxa/mida.git
  revision: 8e9b383653b95dcc483929c5733fffa67eafb1d0
  ref: 8e9b38365
  specs:
    mida (0.3.4)
      mida_vocabulary (>= 0.1)
      nokogiri (>= 1.5)

GIT
  remote: git://github.com/abevoelker/pygments.rb.git
  revision: 3fdd924dac184630f925e82800d55dedda1dd439
  ref: 3fdd924dac
  specs:
    pygments.rb (0.2.4)
      rubypython (~> 0.5.3)

GIT
  remote: git://github.com/edouard/rchardet.git
  revision: d3d0d94fb2499fa6a97752954f340459e9bee8c7
  ref: d3d0d94fb2
  specs:
    edouard-rchardet (1.3.4.1)

GIT
  remote: git://github.com/toland/patron.git
  revision: 6105403e5c8840dce6ca837b7bb4f471225faa8c
  ref: 6105403e5c
  specs:
    patron (0.4.16)

GEM
  remote: http://rubygems.org/
  specs:
    actionmailer (3.2.1)
      actionpack (= 3.2.1)
      mail (~> 2.4.0)
    actionpack (3.2.1)
      activemodel (= 3.2.1)
      activesupport (= 3.2.1)
      builder (~> 3.0.0)
      erubis (~> 2.7.0)
      journey (~> 1.0.1)
      rack (~> 1.4.0)
      rack-cache (~> 1.1)
      rack-test (~> 0.6.1)
      sprockets (~> 2.1.2)
    activemodel (3.2.1)
      activesupport (= 3.2.1)
      builder (~> 3.0.0)
    activerecord (3.2.1)
      activemodel (= 3.2.1)
      activesupport (= 3.2.1)
      arel (~> 3.0.0)
      tzinfo (~> 0.3.29)
    activeresource (3.2.1)
      activemodel (= 3.2.1)
      activesupport (= 3.2.1)
    activesupport (3.2.1)
      i18n (~> 0.6)
      multi_json (~> 1.0)
    addressable (2.2.6)
    arel (3.0.0)
    blankslate (2.1.2.4)
    builder (3.0.0)
    disqus (1.0.4)
      json
    erubis (2.7.0)
    exception_notification (2.5.2)
      actionmailer (>= 3.0.4)
    execjs (1.3.0)
      multi_json (~> 1.0)
    ffi (1.0.11)
    github-markup (0.7.0)
    green_monkey (0.1.3)
      chronic_duration
      haml (>= 3.1.0)
      mida_vocabulary (>= 0.1)
      rails (>= 3.0.0)
    haml (3.1.4)
    hike (1.2.1)
    i18n (0.6.0)
    journey (1.0.1)
    json (1.6.5)
    json_pure (1.6.5)
    kaminari (0.13.0)
      actionpack (>= 3.0.0)
      activesupport (>= 3.0.0)
      railties (>= 3.0.0)
    libv8 (3.3.10.4)
    lsd_rails (0.1.4)
      rails (>= 3.0.0)
    mail (2.4.1)
      i18n (>= 0.4.0)
      mime-types (~> 1.16)
      treetop (~> 1.4.8)
    mida_vocabulary (0.1.1)
      blankslate
    mime-types (1.17.2)
    multi_json (1.0.4)
    mysql2 (0.3.11)
    nokogiri (1.5.0)
    numerizer (0.1.1)
    polyglot (0.3.3)
    rack (1.4.1)
    rack-cache (1.1)
      rack (>= 0.4)
    rack-ssl (1.3.2)
      rack
    rack-test (0.6.1)
      rack (>= 1.0)
    rails (3.2.1)
      actionmailer (= 3.2.1)
      actionpack (= 3.2.1)
      activerecord (= 3.2.1)
      activeresource (= 3.2.1)
      activesupport (= 3.2.1)
      bundler (~> 1.0)
      railties (= 3.2.1)
    railties (3.2.1)
      actionpack (= 3.2.1)
      activesupport (= 3.2.1)
      rack-ssl (~> 1.3.2)
      rake (>= 0.8.7)
      rdoc (~> 3.4)
      thor (~> 0.14.6)
    rake (0.9.2.2)
    rdoc (3.12)
      json (~> 1.4)
    redcarpet (2.0.0)
    rgl (0.4.0)
      rake
      stream (>= 0.5)
    rubypython (0.5.3)
      blankslate (>= 2.1.2.3)
      ffi (~> 1.0.7)
    sass (3.1.15)
    sitemap_generator (3.0.0)
      builder
    sprockets (2.1.2)
      hike (~> 1.2)
      rack (~> 1.0)
      tilt (~> 1.1, != 1.3.0)
    stream (0.5)
    therubyracer (0.9.9)
      libv8 (~> 3.3.10)
    thor (0.14.6)
    tilt (1.3.3)
    treetop (1.4.10)
      polyglot
      polyglot (>= 0.3.1)
    tzinfo (0.3.31)
    uglifier (1.2.3)
      execjs (>= 0.3.0)
      multi_json (>= 1.0.2)
    yajl-ruby (1.1.0)

PLATFORMS
  ruby

DEPENDENCIES
  addressable
  chronic_duration!
  disqus
  edouard-rchardet!
  exception_notification
  ffi (~> 1.0.11)
  github-markup
  green_monkey (~> 0.1.3)
  haml (~> 3.1)
  jsus!
  kaminari
  lsd_rails (= 0.1.4)
  mida!
  mida_vocabulary (~> 0.1.1)
  mysql2 (= 0.3.11)
  patron!
  pygments.rb!
  rails (= 3.2.1)
  rake (= 0.9.2.2)
  redcarpet (= 2.0)
  sass
  sitemap_generator
  therubyracer
  uglifier
  yajl-ruby
