GIT
  remote: git://github.com/Paxa/jsus.git
  revision: 7c801d43710f2de2b38129fcdc8f9e2a9a2ae609
  ref: 7c801d43710f2de2b38129fcdc8f9e2a9a2ae609
  specs:
    jsus (0.3.6)
      activesupport
      json_pure
      rgl

GEM
  remote: http://rubygems.org/
  specs:
    abstract (1.0.0)
    actionmailer (3.0.10)
      actionpack (= 3.0.10)
      mail (~> 2.2.19)
    actionpack (3.0.10)
      activemodel (= 3.0.10)
      activesupport (= 3.0.10)
      builder (~> 2.1.2)
      erubis (~> 2.6.6)
      i18n (~> 0.5.0)
      rack (~> 1.2.1)
      rack-mount (~> 0.6.14)
      rack-test (~> 0.5.7)
      tzinfo (~> 0.3.23)
    activemodel (3.0.10)
      activesupport (= 3.0.10)
      builder (~> 2.1.2)
      i18n (~> 0.5.0)
    activerecord (3.0.10)
      activemodel (= 3.0.10)
      activesupport (= 3.0.10)
      arel (~> 2.0.10)
      tzinfo (~> 0.3.23)
    activeresource (3.0.10)
      activemodel (= 3.0.10)
      activesupport (= 3.0.10)
    activesupport (3.0.10)
    arel (2.0.10)
    blankslate (2.1.2.4)
    builder (2.1.2)
    coderay (0.9.8)
    erubis (2.6.6)
      abstract (>= 1.0.0)
    execjs (1.2.4)
      multi_json (~> 1.0)
    haml (3.1.2)
    i18n (0.5.0)
    json_pure (1.5.3)
    libv8 (3.3.10.2)
    lsd_rails (0.1.4)
      rails (>= 3.0.0)
    mail (2.2.19)
      activesupport (>= 2.3.6)
      i18n (>= 0.4.0)
      mime-types (~> 1.16)
      treetop (~> 1.4.8)
    mida (0.3.3)
      blankslate
      nokogiri (>= 1.5)
    mime-types (1.16)
    multi_json (1.0.3)
    mysql2 (0.2.13)
    nokogiri (1.5.0)
    polyglot (0.3.2)
    rack (1.2.3)
    rack-mount (0.6.14)
      rack (>= 1.0.0)
    rack-test (0.5.7)
      rack (>= 1.0)
    rails (3.0.10)
      actionmailer (= 3.0.10)
      actionpack (= 3.0.10)
      activerecord (= 3.0.10)
      activeresource (= 3.0.10)
      activesupport (= 3.0.10)
      bundler (~> 1.0)
      railties (= 3.0.10)
    railties (3.0.10)
      actionpack (= 3.0.10)
      activesupport (= 3.0.10)
      rake (>= 0.8.7)
      rdoc (~> 3.4)
      thor (~> 0.14.4)
    rake (0.9.2.2)
    rdiscount (1.6.8)
    rdoc (3.9.3)
    rgl (0.4.0)
      rake
      stream (>= 0.5)
    sass (3.1.7)
    sitemap_generator (2.1.6)
    stream (0.5)
    therubyracer (0.9.4)
      libv8 (~> 3.3.10)
    thor (0.14.6)
    treetop (1.4.10)
      polyglot
      polyglot (>= 0.3.1)
    tzinfo (0.3.29)
    uglifier (1.0.1)
      execjs (>= 0.3.0)
      multi_json (>= 1.0.2)
    yajl-ruby (0.8.3)

PLATFORMS
  ruby

DEPENDENCIES
  coderay
  haml (~> 3.1)
  jsus!
  lsd_rails (= 0.1.4)
  mida
  mysql2 (~> 0.2.6)
  rails (= 3.0.10)
  rake (= 0.9.2.2)
  rdiscount
  sass
  sitemap_generator
  therubyracer
  uglifier
  yajl-ruby
