GIT
  remote: git://github.com/Paxa/chronic_duration.git
  revision: 8c0d0e101bdbaf2b2299f33e7bfa880b0885a017
  ref: 8c0d0e101b
  specs:
    chronic_duration (0.9.6)
      numerizer (~> 0.1.1)

GIT
  remote: git://github.com/Paxa/green_monkey.git
  revision: f6d506cd861f4373f93d1c04be4e1e0317c70988
  ref: f6d506cd861f
  specs:
    green_monkey (0.1)
      chronic_duration
      haml (>= 3.1.0)
      mida (>= 0.3.3)
      rails (>= 3.0.0)

GIT
  remote: git://github.com/Paxa/jsus.git
  revision: 7c801d43710f2de2b38129fcdc8f9e2a9a2ae609
  ref: 7c801d4371
  specs:
    jsus (0.3.6)
      activesupport
      json_pure
      rgl

GIT
  remote: git://github.com/Paxa/mida.git
  revision: 342f5ceab7649afc9e3fba95d5017b73de519b10
  ref: 342f5ceab7
  specs:
    mida (0.3.3)
      blankslate
      nokogiri (>= 1.5)

GIT
  remote: git://github.com/edouard/rchardet.git
  revision: d3d0d94fb2499fa6a97752954f340459e9bee8c7
  ref: d3d0d94fb2
  specs:
    edouard-rchardet (1.3.4.1)

GIT
  remote: git://github.com/toland/patron.git
  revision: 6105403e5c8840dce6ca837b7bb4f471225faa8c
  ref: 6105403e5c
  specs:
    patron (0.4.16)

GEM
  remote: http://rubygems.org/
  specs:
    abstract (1.0.0)
    actionmailer (3.0.11)
      actionpack (= 3.0.11)
      mail (~> 2.2.19)
    actionpack (3.0.11)
      activemodel (= 3.0.11)
      activesupport (= 3.0.11)
      builder (~> 2.1.2)
      erubis (~> 2.6.6)
      i18n (~> 0.5.0)
      rack (~> 1.2.1)
      rack-mount (~> 0.6.14)
      rack-test (~> 0.5.7)
      tzinfo (~> 0.3.23)
    activemodel (3.0.11)
      activesupport (= 3.0.11)
      builder (~> 2.1.2)
      i18n (~> 0.5.0)
    activerecord (3.0.11)
      activemodel (= 3.0.11)
      activesupport (= 3.0.11)
      arel (~> 2.0.10)
      tzinfo (~> 0.3.23)
    activeresource (3.0.11)
      activemodel (= 3.0.11)
      activesupport (= 3.0.11)
    activesupport (3.0.11)
    arel (2.0.10)
    blankslate (2.1.2.4)
    builder (2.1.2)
    coderay (0.9.8)
    disqus (1.0.4)
      json
    erubis (2.6.6)
      abstract (>= 1.0.0)
    execjs (1.2.4)
      multi_json (~> 1.0)
    ffi (1.0.11)
    github-markup (0.5.3)
    haml (3.1.2)
    i18n (0.5.0)
    json (1.6.1)
    json_pure (1.6.1)
    libv8 (3.3.10.2)
    lsd_rails (0.1.4)
      rails (>= 3.0.0)
    mail (2.2.19)
      activesupport (>= 2.3.6)
      i18n (>= 0.4.0)
      mime-types (~> 1.16)
      treetop (~> 1.4.8)
    mime-types (1.17.2)
    multi_json (1.0.3)
    mysql2 (0.2.13)
    nokogiri (1.5.0)
    numerizer (0.1.1)
    polyglot (0.3.3)
    pygments.rb (0.2.4)
      rubypython (~> 0.5.3)
    rack (1.2.4)
    rack-mount (0.6.14)
      rack (>= 1.0.0)
    rack-test (0.5.7)
      rack (>= 1.0)
    rails (3.0.11)
      actionmailer (= 3.0.11)
      actionpack (= 3.0.11)
      activerecord (= 3.0.11)
      activeresource (= 3.0.11)
      activesupport (= 3.0.11)
      bundler (~> 1.0)
      railties (= 3.0.11)
    railties (3.0.11)
      actionpack (= 3.0.11)
      activesupport (= 3.0.11)
      rake (>= 0.8.7)
      rdoc (~> 3.4)
      thor (~> 0.14.4)
    rake (0.9.2.2)
    rdoc (3.11)
      json (~> 1.4)
    redcarpet (2.0.0)
    rgl (0.4.0)
      rake
      stream (>= 0.5)
    rubypython (0.5.3)
      blankslate (>= 2.1.2.3)
      ffi (~> 1.0.7)
    sass (3.1.7)
    sitemap_generator (2.1.7)
    stream (0.5)
    therubyracer (0.9.4)
      libv8 (~> 3.3.10)
    thor (0.14.6)
    treetop (1.4.10)
      polyglot
      polyglot (>= 0.3.1)
    tzinfo (0.3.31)
    uglifier (1.0.1)
      execjs (>= 0.3.0)
      multi_json (>= 1.0.2)
    yajl-ruby (0.8.3)

PLATFORMS
  ruby

DEPENDENCIES
  chronic_duration!
  coderay
  disqus
  edouard-rchardet!
  github-markup
  green_monkey!
  haml (~> 3.1)
  jsus!
  lsd_rails (= 0.1.4)
  mida!
  mysql2 (~> 0.2.6)
  patron!
  pygments.rb
  rails (= 3.0.11)
  rake (= 0.9.2.2)
  redcarpet (= 2.0)
  sass
  sitemap_generator
  therubyracer
  uglifier
  yajl-ruby
